GEM
  remote: http://rubygems.org/
  specs:
    rack (1.3.5)
    sinatra (1.2.3)
      rack (~> 1.1)
      tilt (>= 1.2.2, < 2.0)
    tilt (1.2.2)

PLATFORMS
  ruby

DEPENDENCIES
  rack
  sinatra
