GEM
  remote: http://rubygems.org/
  specs:
    airbrake (3.1.6)
      builder
      girl_friday
    builder (3.1.4)
    connection_pool (0.9.2)
    excon (0.33.0)
    faraday (0.9.0)
      multipart-post (>= 1.2, < 3)
    girl_friday (0.11.1)
      connection_pool (~> 0.9.0)
      rubinius-actor
    hashie (2.1.1)
    httpauth (0.2.1)
    jwt (0.1.6)
      multi_json (>= 1.0)
    multi_json (1.3.6)
    multipart-post (2.0.0)
    oauth2 (0.8.1)
      faraday (~> 0.8)
      httpauth (~> 0.1)
      jwt (~> 0.1.4)
      multi_json (~> 1.0)
      rack (~> 1.2)
    omniauth (1.2.1)
      hashie (>= 1.2, < 3)
      rack (~> 1.0)
    omniauth-github (1.1.2)
      omniauth (~> 1.0)
      omniauth-oauth2 (~> 1.1)
    omniauth-oauth2 (1.1.1)
      oauth2 (~> 0.8.0)
      omniauth (~> 1.0)
    puma (2.8.2)
      rack (>= 1.1, < 2.0)
    rack (1.4.1)
    rack-protection (1.2.0)
      rack
    rubinius-actor (0.0.2)
      rubinius-core-api
    rubinius-core-api (0.0.1)
    sinatra (1.3.2)
      rack (~> 1.3, >= 1.3.6)
      rack-protection (~> 1.2)
      tilt (~> 1.3, >= 1.3.3)
    tilt (1.3.3)

PLATFORMS
  ruby

DEPENDENCIES
  airbrake
  excon
  omniauth-github
  puma
  rack
  sinatra
