GEM
  remote: http://rubygems.org/
  specs:
    addressable (2.2.8)
    faraday (0.8.1)
      multipart-post (~> 1.1)
    faraday_middleware (0.8.7)
      faraday (>= 0.7.4, < 0.9)
    hashie (1.2.0)
    json (1.7.3)
    mime-types (1.18)
    multi_json (1.3.6)
    multipart-post (1.1.5)
    oauth2 (0.5.2)
      faraday (~> 0.7)
      multi_json (~> 1.0)
    octokit (1.4.0)
      addressable (~> 2.2)
      faraday (~> 0.8)
      faraday_middleware (~> 0.8)
      hashie (~> 1.2)
      multi_json (~> 1.3)
    rack (1.4.1)
    rack-protection (1.2.0)
      rack
    rest-client (1.6.7)
      mime-types (>= 1.16)
    sinatra (1.3.2)
      rack (~> 1.3, >= 1.3.6)
      rack-protection (~> 1.2)
      tilt (~> 1.3, >= 1.3.3)
    sinatra_auth_github (0.7.0)
      rest-client (~> 1.6.1)
      sinatra (~> 1.0)
      warden-github (~> 0.7.0)
      yajl-ruby (~> 1.1)
    tilt (1.3.3)
    warden (1.2.0)
      rack (>= 1.0)
    warden-github (0.7.0)
      json (~> 1.5)
      oauth2 (~> 0.5.2)
      octokit (~> 1.4.0)
      rest-client (~> 1.6.1)
      warden (~> 1.0)
      yajl-ruby (~> 1.1)
    yajl-ruby (1.1.0)

PLATFORMS
  ruby

DEPENDENCIES
  multi_json
  rack
  sinatra
  sinatra_auth_github
